GIT
  remote: https://github.com/ccutrer/yard.git
  revision: c563c8e23e76196cb3918b271d94ee6922df268b
  branch: integration
  specs:
    yard (0.9.28)
      webrick (~> 1.7.0)

PATH
  remote: .
  specs:
    openhab-jrubyscripting (5.0.0.rc10)
      bundler (~> 2.2)
      marcel (~> 1.0)
      method_source (~> 1.0)
      ruby2_keywords (~> 0.0)

GEM
  remote: https://rubygems.org/
  specs:
    ast (2.4.2)
    builder (3.2.4)
    byebug (11.1.3)
    coderay (1.1.3)
    commonmarker (0.23.6)
    concurrent-ruby (1.1.10)
    cucumber (8.0.0)
      builder (~> 3.2, >= 3.2.4)
      cucumber-ci-environment (~> 9.0, >= 9.0.4)
      cucumber-core (~> 11.0, >= 11.0.0)
      cucumber-cucumber-expressions (~> 15.1, >= 15.1.1)
      cucumber-gherkin (~> 23.0, >= 23.0.1)
      cucumber-html-formatter (~> 19.1, >= 19.1.0)
      cucumber-messages (~> 18.0, >= 18.0.0)
      diff-lcs (~> 1.5, >= 1.5.0)
      mime-types (~> 3.4, >= 3.4.1)
      multi_test (~> 1.1, >= 1.1.0)
      sys-uname (~> 1.2, >= 1.2.2)
    cucumber-ci-environment (9.1.0)
    cucumber-core (11.0.0)
      cucumber-gherkin (~> 23.0, >= 23.0.1)
      cucumber-messages (~> 18.0, >= 18.0.0)
      cucumber-tag-expressions (~> 4.1, >= 4.1.0)
    cucumber-cucumber-expressions (15.2.0)
    cucumber-gherkin (23.0.1)
      cucumber-messages (~> 18.0, >= 18.0.0)
    cucumber-html-formatter (19.2.0)
      cucumber-messages (~> 18.0, >= 18.0.0)
    cucumber-messages (18.0.0)
    cucumber-tag-expressions (4.1.0)
    cuke_linter (1.3.0)
      cuke_modeler (>= 1.5, < 4.0)
    cuke_modeler (3.18.0)
      cucumber-gherkin (< 26.0)
    diff-lcs (1.5.0)
    ffi (1.15.5)
    ffi (1.15.5-java)
    formatador (1.1.0)
    gene_pool (1.5.0)
      concurrent-ruby (>= 1.0)
    guard (2.18.0)
      formatador (>= 0.2.4)
      listen (>= 2.7, < 4.0)
      lumberjack (>= 1.0.12, < 2.0)
      nenv (~> 0.1)
      notiffany (~> 0.0)
      pry (>= 0.13.0)
      shellany (~> 0.0)
      thor (>= 0.18.1)
    guard-compat (1.2.1)
    guard-rubocop (1.5.0)
      guard (~> 2.0)
      rubocop (< 2.0)
    guard-shell (0.7.2)
      guard (>= 2.0.0)
      guard-compat (~> 1.0)
    guard-yard (2.2.1)
      guard (>= 1.1.0)
      yard (>= 0.7.0)
    httparty (0.20.0)
      mime-types (~> 3.0)
      multi_xml (>= 0.5.2)
    io-console (0.5.11)
    io-console (0.5.11-java)
    irb (1.5.1)
      reline (>= 0.3.0)
    json (2.6.2)
    json (2.6.2-java)
    listen (3.7.1)
      rb-fsevent (~> 0.10, >= 0.10.3)
      rb-inotify (~> 0.9, >= 0.9.10)
    lumberjack (1.2.8)
    marcel (1.0.2)
    method_source (1.0.0)
    mime-types (3.4.1)
      mime-types-data (~> 3.2015)
    mime-types-data (3.2022.0105)
    multi_test (1.1.0)
    multi_xml (0.6.0)
    nenv (0.3.0)
    notiffany (0.1.3)
      nenv (~> 0.1)
      shellany (~> 0.0)
    parallel (1.22.1)
    parser (3.1.3.0)
      ast (~> 2.4.1)
    pastel (0.8.0)
      tty-color (~> 0.5)
    persistent_http (1.0.6)
      gene_pool (>= 1.3)
    persistent_httparty (0.1.2)
      httparty (~> 0.9)
      persistent_http (< 2)
    process_exists (0.2.0)
    pry (0.14.1)
      coderay (~> 1.1)
      method_source (~> 1.0)
    pry (0.14.1-java)
      coderay (~> 1.1)
      method_source (~> 1.0)
      spoon (~> 0.0)
    rainbow (3.1.1)
    rake (13.0.6)
    rb-fsevent (0.11.2)
    rb-inotify (0.10.1)
      ffi (~> 1.0)
    regexp_parser (2.6.1)
    reline (0.3.1)
      io-console (~> 0.5)
    rexml (3.2.5)
    rspec (3.12.0)
      rspec-core (~> 3.12.0)
      rspec-expectations (~> 3.12.0)
      rspec-mocks (~> 3.12.0)
    rspec-core (3.12.0)
      rspec-support (~> 3.12.0)
    rspec-expectations (3.12.0)
      diff-lcs (>= 1.2.0, < 2.0)
      rspec-support (~> 3.12.0)
    rspec-mocks (3.12.0)
      diff-lcs (>= 1.2.0, < 2.0)
      rspec-support (~> 3.12.0)
    rspec-support (3.12.0)
    rubocop (1.39.0)
      json (~> 2.3)
      parallel (~> 1.10)
      parser (>= 3.1.2.1)
      rainbow (>= 2.2.2, < 4.0)
      regexp_parser (>= 1.8, < 3.0)
      rexml (>= 3.2.5, < 4.0)
      rubocop-ast (>= 1.23.0, < 2.0)
      ruby-progressbar (~> 1.7)
      unicode-display_width (>= 1.4.0, < 3.0)
    rubocop-ast (1.23.0)
      parser (>= 3.1.1.0)
    rubocop-performance (1.15.1)
      rubocop (>= 1.7.0, < 2.0)
      rubocop-ast (>= 0.4.0)
    rubocop-rake (0.6.0)
      rubocop (~> 1.0)
    rubocop-rspec (2.15.0)
      rubocop (~> 1.33)
    ruby-progressbar (1.11.0)
    ruby2_keywords (0.0.5)
    shellany (0.0.1)
    spoon (0.0.6)
      ffi
    sys-uname (1.2.2)
      ffi (~> 1.1)
    thor (1.2.1)
    timecop (0.9.5)
    tty-color (0.6.0)
    tty-command (0.10.1)
      pastel (~> 0.8)
    unicode-display_width (2.3.0)
    webrick (1.7.0)
    yaml-lint (0.0.10)
    yard-coderay (0.1.0)
      coderay
      yard

PLATFORMS
  arm64-darwin-21
  universal-java-11
  universal-java-17
  x86_64-darwin-20
  x86_64-linux

DEPENDENCIES
  byebug
  commonmarker
  cucumber (~> 8.0)
  cuke_linter (~> 1.2)
  guard-rubocop (~> 1.5)
  guard-shell (~> 0.7)
  guard-yard (~> 2.2)
  httparty (~> 0.20)
  irb (~> 1.4)
  openhab-jrubyscripting!
  persistent_httparty (~> 0.1)
  process_exists (~> 0.2)
  rake (~> 13.0)
  rspec (~> 3.11)
  rubocop (~> 1.8)
  rubocop-performance (~> 1.11)
  rubocop-rake (~> 0.6)
  rubocop-rspec (~> 2.11)
  timecop (~> 0.9)
  tty-command (~> 0.10)
  yaml-lint (~> 0.0)
  yard!
  yard-coderay

BUNDLED WITH
   2.3.26
